GIT
  remote: https://github.com/northworld/google_calendar
  revision: 0d206203c94e28b8c2cc416339f45f3ffc6d45db
  ref: 0d206203c94e28b8c2cc416339f45f3ffc6d45db
  branch: api-v3
  specs:
    google_calendar (0.4.0)
      addressable (>= 2.2.2)
      signet (>= 0.5.1)

GEM
  remote: https://rubygems.org/
  specs:
    addressable (2.3.6)
    builder (3.2.2)
    dotenv (0.11.1)
      dotenv-deployment (~> 0.0.2)
    dotenv-deployment (0.0.2)
    faraday (0.9.0)
      multipart-post (>= 1.2, < 3)
    foreman (0.74.0)
      dotenv (~> 0.11.1)
      thor (~> 0.19.1)
    jwt (1.0.0)
    kgio (2.9.2)
    multi_json (1.10.1)
    multipart-post (2.0.0)
    rack (1.5.2)
    rack-protection (1.5.3)
      rack
    raindrops (0.13.0)
    signet (0.5.1)
      addressable (>= 2.2.3)
      faraday (>= 0.9.0.rc5)
      jwt (>= 0.1.5)
      multi_json (>= 1.0.0)
    sinatra (1.4.5)
      rack (~> 1.4)
      rack-protection (~> 1.4)
      tilt (~> 1.3, >= 1.3.4)
    thor (0.19.1)
    tilt (1.4.1)
    twilio-ruby (3.13.0)
      builder (>= 2.1.2)
      jwt (~> 1.0.0)
      multi_json (>= 1.3.0)
    unicorn (4.8.3)
      kgio (~> 2.6)
      rack
      raindrops (~> 0.7)

PLATFORMS
  ruby

DEPENDENCIES
  foreman (~> 0.74.0)
  google_calendar!
  sinatra (~> 1.4.5)
  twilio-ruby (~> 3.13.0)
  unicorn (~> 4.8.3)
